GEM
  remote: https://rubygems.org/
  specs:
    chunky_png (1.4.0)
    compass (0.12.7)
      chunky_png (~> 1.2)
      fssm (>= 0.2.7)
      sass (~> 3.2.19)
    fssm (0.2.10)
    sass (3.2.19)

PLATFORMS
  arm64-darwin-23
  ruby

DEPENDENCIES
  compass (= 0.12.7)

BUNDLED WITH
   2.5.10
